GIT
  remote: git://github.com/26am/country_select.git
  revision: 73a88d3b8905d49d88abdcaeae7a86d7405e1f08
  specs:
    country_select (1.0.1)

GIT
  remote: git://github.com/jnicklas/carrierwave.git
  revision: 90157c58f6dae241b832d71ac7cb0674373081e5
  specs:
    carrierwave (0.8.0)
      activemodel (>= 3.2.0)
      activesupport (>= 3.2.0)
      json (>= 1.7)

GIT
  remote: git://github.com/mhfs/sidekiq-failures.git
  revision: 0bf7ee5e812d90813c30eacde64f2ddef423eada
  specs:
    sidekiq-failures (0.2.1)
      sidekiq (>= 2.2.1)

GIT
  remote: git://github.com/mperham/sidekiq.git
  revision: 8410f9905437b02b0098976914a84cf9a4ace060
  specs:
    sidekiq (2.13.0)
      celluloid (>= 0.14.1)
      connection_pool (>= 1.0.0)
      json
      redis (>= 3.0)
      redis-namespace

GIT
  remote: git://github.com/rails-api/active_model_serializers.git
  revision: 82cc4e815aafc0d1319ff3e6668c99f906400a6a
  specs:
    active_model_serializers (0.8.1)
      activemodel (>= 3.2)

GIT
  remote: git://github.com/twinge/siebel_donations.git
  revision: b5f2cfa5583a5b9bd6283706860035a82fd25ac4
  specs:
    siebel_donations (1.0.3)
      activesupport
      oj (~> 2.0.0)
      rest-client (~> 1.6.7)
      retryable-rb (~> 1.1.0)

GEM
  remote: http://rubygems.org/
  specs:
    actionmailer (3.2.13)
      actionpack (= 3.2.13)
      mail (~> 2.5.3)
    actionpack (3.2.13)
      activemodel (= 3.2.13)
      activesupport (= 3.2.13)
      builder (~> 3.0.0)
      erubis (~> 2.7.0)
      journey (~> 1.0.4)
      rack (~> 1.4.5)
      rack-cache (~> 1.2)
      rack-test (~> 0.6.1)
      sprockets (~> 2.2.1)
    activeadmin (0.6.0)
      arbre (>= 1.0.1)
      bourbon (>= 1.0.0)
      devise (>= 1.1.2)
      fastercsv
      formtastic (>= 2.0.0)
      inherited_resources (>= 1.3.1)
      jquery-rails (>= 1.0.0)
      kaminari (>= 0.13.0)
      meta_search (>= 0.9.2)
      rails (>= 3.0.0)
      sass (>= 3.1.0)
    activemodel (3.2.13)
      activesupport (= 3.2.13)
      builder (~> 3.0.0)
    activerecord (3.2.13)
      activemodel (= 3.2.13)
      activesupport (= 3.2.13)
      arel (~> 3.0.2)
      tzinfo (~> 0.3.29)
    activeresource (3.2.13)
      activemodel (= 3.2.13)
      activesupport (= 3.2.13)
    activesupport (3.2.13)
      i18n (= 0.6.1)
      multi_json (~> 1.0)
    acts-as-taggable-on (2.3.3)
      rails (~> 3.0)
    addressable (2.3.5)
    airbrake (3.1.12)
      activesupport
      builder
      json
    arbre (1.0.1)
      activesupport (>= 3.0.0)
    arel (3.0.2)
    assignable_values (0.5.3)
      activerecord
    atomic (1.1.10)
    attr_required (0.0.5)
    autoparse (0.3.3)
      addressable (>= 2.3.1)
      extlib (>= 0.9.15)
      multi_json (>= 1.0.0)
    awesome_print (1.1.0)
    aws_cf_signer (0.1.1)
    backports (3.3.3)
    bcrypt-ruby (3.0.1)
    bluepill (0.0.64)
      activesupport (>= 3.0.0)
      daemons (~> 1.1.4)
      i18n (>= 0.5.0)
      state_machine (~> 1.1)
    bourbon (3.1.8)
      sass (>= 3.2.0)
      thor
    brwsr (1.1.1)
    builder (3.0.4)
    cache_digests (0.3.1)
      actionpack (>= 3.2)
      thread_safe
    capybara (2.1.0)
      mime-types (>= 1.16)
      nokogiri (>= 1.3.3)
      rack (>= 1.0.0)
      rack-test (>= 0.5.4)
      xpath (~> 2.0)
    celluloid (0.14.1)
      timers (>= 1.0.0)
    childprocess (0.3.9)
      ffi (~> 1.0, >= 1.0.11)
    chronic (0.9.1)
    cloudinary (1.0.60)
      aws_cf_signer
      rest-client
    coderay (1.0.9)
    coffee-rails (3.2.2)
      coffee-script (>= 2.2.0)
      railties (~> 3.2.0)
    coffee-script (2.2.0)
      coffee-script-source
      execjs
    coffee-script-source (1.6.2)
    connection_pool (1.1.0)
    crack (0.4.0)
      safe_yaml (~> 0.9.0)
    daemons (1.1.9)
    dalli (2.6.4)
    database_cleaner (1.0.1)
    deadlock_retry (1.2.0)
    descendants_tracker (0.0.1)
    devise (2.1.3)
      bcrypt-ruby (~> 3.0)
      orm_adapter (~> 0.1)
      railties (~> 3.1)
      warden (~> 1.2.1)
    diff-lcs (1.2.4)
    display_case (0.0.5)
    erubis (2.7.0)
    ethon (0.5.12)
      ffi (>= 1.3.0)
      mime-types (~> 1.18)
    eventmachine (1.0.3)
    excon (0.23.0)
    execjs (1.4.0)
      multi_json (~> 1.0)
    extlib (0.9.16)
    factory_girl (4.2.0)
      activesupport (>= 3.0.0)
    factory_girl_rails (4.2.1)
      factory_girl (~> 4.2.0)
      railties (>= 3.0.0)
    faraday (0.8.7)
      multipart-post (~> 1.1)
    fast_gettext (0.7.1)
    fastercsv (1.5.5)
    fb_graph (2.6.7)
      httpclient (>= 2.2.0.2)
      multi_json (>= 1.3)
      rack-oauth2 (>= 0.14.4)
      tzinfo
    ffi (1.9.0)
    fog (1.12.1)
      builder
      excon (~> 0.23.0)
      formatador (~> 0.2.0)
      mime-types
      multi_json (~> 1.0)
      net-scp (~> 1.1)
      net-ssh (>= 2.1.3)
      nokogiri (~> 1.5.0)
      ruby-hmac
    font-awesome-rails (3.2.1.1)
      railties (>= 3.2, < 5.0)
    formatador (0.2.4)
    formtastic (2.2.1)
      actionpack (>= 3.0)
    fuubar (1.1.1)
      rspec (~> 2.0)
      rspec-instafail (~> 0.2.0)
      ruby-progressbar (~> 1.0)
    gettext (2.3.9)
      locale
      text
    gettext_i18n_rails (0.8.0)
      fast_gettext (>= 0.4.8)
    gettext_i18n_rails_js (0.0.8)
      gettext_i18n_rails (>= 0.7.1)
      po_to_json (>= 0.0.7)
      rails (~> 3.2.0)
    gibberish (1.2.2)
    gibbon (0.4.6)
      httparty
      multi_json (>= 1.3.4)
    gmail (0.4.0)
      gmail_xoauth (>= 0.3.0)
      mail (>= 2.2.1)
      mime (>= 0.1)
    gmail_xoauth (0.4.1)
      oauth (>= 0.3.6)
    google-api-client (0.6.4)
      addressable (>= 2.3.2)
      autoparse (>= 0.3.3)
      extlib (>= 0.9.15)
      faraday (~> 0.8.4)
      jwt (>= 0.1.5)
      launchy (>= 2.1.1)
      multi_json (>= 1.0.0)
      signet (~> 0.4.5)
      uuidtools (>= 2.1.0)
    google_contacts_api (0.3.3)
      activesupport
      hashie
      i18n
      json
    growl (1.0.3)
    guard (1.8.1)
      formatador (>= 0.2.4)
      listen (>= 1.0.0)
      lumberjack (>= 1.0.2)
      pry (>= 0.9.10)
      thor (>= 0.14.6)
    guard-rspec (3.0.2)
      guard (>= 1.8)
      rspec (~> 2.13)
    guard-spork (1.5.1)
      childprocess (>= 0.2.3)
      guard (>= 1.1)
      spork (>= 0.8.4)
    haml (4.0.3)
      tilt
    has_scope (0.5.1)
    hashie (1.2.0)
    hike (1.2.3)
    httparty (0.11.0)
      multi_json (~> 1.0)
      multi_xml (>= 0.5.2)
    httpauth (0.2.0)
    httpclient (2.3.3)
    i18n (0.6.1)
    inherited_resources (1.4.0)
      has_scope (~> 0.5.0)
      responders (~> 0.9)
    iniparse (1.1.6)
    journey (1.0.4)
    jquery-rails (2.1.4)
      railties (>= 3.0, < 5.0)
      thor (>= 0.14, < 2.0)
    jquery-ui-rails (3.0.1)
      jquery-rails
      railties (>= 3.1.0)
    json (1.8.0)
    jwt (0.1.8)
      multi_json (>= 1.5)
    kaminari (0.14.1)
      actionpack (>= 3.0.0)
      activesupport (>= 3.0.0)
    kgio (2.8.0)
    koala (1.6.0)
      addressable (~> 2.2)
      faraday (~> 0.8)
      multi_json (~> 1.3)
    launchy (2.3.0)
      addressable (~> 2.3)
    libv8 (3.11.8.17)
    linkedin (0.3.7)
      hashie (~> 1.2)
      multi_json (~> 1.0)
      oauth (~> 0.4)
    listen (1.2.2)
      rb-fsevent (>= 0.9.3)
      rb-inotify (>= 0.9)
      rb-kqueue (>= 0.2)
    locale (2.0.8)
    lumberjack (1.0.4)
    mail (2.5.4)
      mime-types (~> 1.16)
      treetop (~> 1.4.8)
    mailcatcher (0.5.12)
      activesupport (~> 3.0)
      eventmachine (~> 1.0.0)
      haml (>= 3.1, < 5)
      mail (~> 2.3)
      sinatra (~> 1.2)
      skinny (~> 0.2.3)
      sqlite3 (~> 1.3)
      thin (~> 1.5.0)
    meta_search (1.1.3)
      actionpack (~> 3.1)
      activerecord (~> 3.1)
      activesupport (~> 3.1)
      polyamorous (~> 0.5.0)
    method_source (0.8.1)
    mime (0.1)
    mime-types (1.23)
    mono_logger (1.1.0)
    multi_json (1.7.7)
    multi_xml (0.5.4)
    multipart-post (1.2.0)
    net-scp (1.1.1)
      net-ssh (>= 2.6.5)
    net-ssh (2.6.7)
    newrelic_rpm (3.6.5.130)
    nokogiri (1.5.10)
    oauth (0.4.7)
    oauth2 (0.8.1)
      faraday (~> 0.8)
      httpauth (~> 0.1)
      jwt (~> 0.1.4)
      multi_json (~> 1.0)
      rack (~> 1.2)
    oj (2.0.14)
    omniauth (1.1.4)
      hashie (>= 1.2, < 3)
      rack
    omniauth-cas (1.0.1)
      addressable (~> 2.3)
      nokogiri (~> 1.5)
      omniauth (~> 1.1.0)
    omniauth-facebook (1.4.1)
      omniauth-oauth2 (~> 1.1.0)
    omniauth-google-oauth2 (0.2.0)
      omniauth (~> 1.0)
      omniauth-oauth2
    omniauth-linkedin (0.0.8)
      omniauth-oauth (~> 1.0)
    omniauth-oauth (1.0.1)
      oauth
      omniauth (~> 1.0)
    omniauth-oauth2 (1.1.1)
      oauth2 (~> 0.8.0)
      omniauth (~> 1.0)
    omniauth-twitter (0.0.18)
      multi_json (~> 1.3)
      omniauth-oauth (~> 1.0)
    orm_adapter (0.4.0)
    paper_trail (2.7.2)
      activerecord (~> 3.0)
      railties (~> 3.0)
    pg (0.14.1)
    po_to_json (0.0.7)
      json
    polyamorous (0.5.0)
      activerecord (~> 3.0)
    polyglot (0.3.3)
    pry (0.9.12.2)
      coderay (~> 1.0.5)
      method_source (~> 0.8)
      slop (~> 3.4)
    quiet_assets (1.0.2)
      railties (>= 3.1, < 5.0)
    rack (1.4.5)
    rack-cache (1.2)
      rack (>= 0.4)
    rack-oauth2 (1.0.5)
      activesupport (>= 2.3)
      attr_required (>= 0.0.5)
      httpclient (>= 2.2.0.2)
      multi_json (>= 1.3.6)
      rack (>= 1.1)
    rack-protection (1.5.0)
      rack
    rack-ssl (1.3.3)
      rack
    rack-test (0.6.2)
      rack (>= 1.0)
    railroady (1.1.0)
    rails (3.2.13)
      actionmailer (= 3.2.13)
      actionpack (= 3.2.13)
      activerecord (= 3.2.13)
      activeresource (= 3.2.13)
      activesupport (= 3.2.13)
      bundler (~> 1.0)
      railties (= 3.2.13)
    rails-footnotes (3.7.9)
      rails (>= 3.0.0)
    rails_autolink (1.0.9)
      rails (~> 3.1)
    railties (3.2.13)
      actionpack (= 3.2.13)
      activesupport (= 3.2.13)
      rack-ssl (~> 1.3.2)
      rake (>= 0.8.7)
      rdoc (~> 3.4)
      thor (>= 0.14.6, < 2.0)
    raindrops (0.11.0)
    rake (10.1.0)
    rb-fsevent (0.9.3)
    rb-inotify (0.9.0)
      ffi (>= 0.5.0)
    rb-kqueue (0.2.0)
      ffi (>= 0.5.0)
    rdoc (3.12.2)
      json (~> 1.4)
    redis (3.0.4)
    redis-namespace (1.3.0)
      redis (~> 3.0.0)
    redis-objects (0.6.1)
      redis (>= 3.0.2)
    ref (1.0.5)
    responders (0.9.3)
      railties (~> 3.1)
    resque (1.24.1)
      mono_logger (~> 1.0)
      multi_json (~> 1.0)
      redis-namespace (~> 1.2)
      sinatra (>= 0.9.2)
      vegas (~> 0.1.2)
    resque_spec (0.13.0)
      resque (>= 1.19.0)
      rspec (>= 2.5.0)
    rest-client (1.6.7)
      mime-types (>= 1.16)
    retryable-rb (1.1.0)
    rspec (2.13.0)
      rspec-core (~> 2.13.0)
      rspec-expectations (~> 2.13.0)
      rspec-mocks (~> 2.13.0)
    rspec-core (2.13.1)
    rspec-expectations (2.13.0)
      diff-lcs (>= 1.1.3, < 2.0)
    rspec-instafail (0.2.4)
    rspec-mocks (2.13.1)
    rspec-rails (2.13.2)
      actionpack (>= 3.0)
      activesupport (>= 3.0)
      railties (>= 3.0)
      rspec-core (~> 2.13.0)
      rspec-expectations (~> 2.13.0)
      rspec-mocks (~> 2.13.0)
    ruby-hmac (0.4.0)
    ruby-progressbar (1.1.1)
    ruby-rtf (0.0.1)
    safe_yaml (0.9.3)
    sass (3.2.9)
    sass-rails (3.2.6)
      railties (~> 3.2.0)
      sass (>= 3.1.10)
      tilt (~> 1.3)
    secure-headers (0.0.1)
      brwsr (>= 1.1.1)
    signet (0.4.5)
      addressable (>= 2.2.3)
      faraday (~> 0.8.1)
      jwt (>= 0.1.5)
      multi_json (>= 1.0.0)
    simplecov (0.7.1)
      multi_json (~> 1.0)
      simplecov-html (~> 0.7.1)
    simplecov-html (0.7.1)
    sinatra (1.4.3)
      rack (~> 1.4)
      rack-protection (~> 1.4)
      tilt (~> 1.3, >= 1.3.4)
    skinny (0.2.3)
      eventmachine (~> 1.0.0)
      thin (~> 1.5.0)
    slim (2.0.0)
      temple (~> 0.6.5)
      tilt (~> 1.3, >= 1.3.3)
    slop (3.4.5)
    spork (1.0.0rc3)
    spork-rails (3.2.1)
      rails (>= 3.0.0, < 3.3.0)
      spork (>= 1.0rc0)
    sprockets (2.2.2)
      hike (~> 1.2)
      multi_json (~> 1.0)
      rack (~> 1.0)
      tilt (~> 1.1, != 1.3.0)
    sqlite3 (1.3.7)
    state_machine (1.2.0)
    temple (0.6.5)
    text (1.2.1)
    therubyracer (0.11.4)
      libv8 (~> 3.11.8.12)
      ref
    thin (1.5.1)
      daemons (>= 1.0.9)
      eventmachine (>= 0.12.6)
      rack (>= 1.0.0)
    thor (0.18.1)
    thread_safe (0.1.0)
      atomic
    tilt (1.4.1)
    timers (1.1.0)
    treetop (1.4.14)
      polyglot
      polyglot (>= 0.3.1)
    twitter_cldr (2.0.2)
      json (>= 1.1.9)
    typhoeus (0.6.3)
      ethon (~> 0.5.11)
    tzinfo (0.3.37)
    uglifier (1.3.0)
      execjs (>= 0.3.0)
      multi_json (~> 1.0, >= 1.0.2)
    unicorn (4.6.3)
      kgio (~> 2.6)
      rack
      raindrops (~> 0.7)
    uuidtools (2.1.4)
    vegas (0.1.11)
      rack (>= 1.0.0)
    versionist (1.1.0)
      rails (>= 3)
      yard (~> 0.7)
    virtus (0.5.5)
      backports (~> 3.3)
      descendants_tracker (~> 0.0.1)
    warden (1.2.1)
      rack (>= 1.0)
    webmock (1.9.3)
      addressable (>= 2.2.7)
      crack (>= 0.3.2)
    whenever (0.8.2)
      activesupport (>= 2.3.4)
      chronic (>= 0.6.3)
    wicked (0.3.4)
      activesupport (>= 3.0.7)
      rails (>= 3.0.7)
    will_paginate (3.0.4)
    xpath (2.0.0)
      nokogiri (~> 1.3)
    yard (0.8.6.2)

PLATFORMS
  ruby

DEPENDENCIES
  active_model_serializers!
  activeadmin
  acts-as-taggable-on (~> 2.3.3)
  airbrake
  assignable_values (~> 0.5.3)
  awesome_print
  bluepill
  cache_digests
  capybara
  carrierwave!
  cloudinary
  coffee-rails (~> 3.2.1)
  country_select!
  dalli
  database_cleaner
  deadlock_retry (~> 1.2.0)
  devise (~> 2.1.0)
  display_case (= 0.0.5)
  factory_girl_rails
  fb_graph (~> 2.6.0)
  fog (~> 1.12.0)
  font-awesome-rails
  fuubar
  gettext (~> 2.3.2)
  gettext_i18n_rails (~> 0.8.0)
  gettext_i18n_rails_js (~> 0.0.3)
  gibberish (~> 1.2.0)
  gibbon (~> 0.4.2)
  gmail
  google-api-client
  google_contacts_api
  growl
  guard-rspec
  guard-spork
  iniparse (~> 1.1.6)
  jquery-rails (~> 2.1.4)
  jquery-ui-rails (~> 3.0.0)
  koala (~> 1.6.0)
  linkedin (~> 0.3.7)
  mailcatcher
  newrelic_rpm (~> 3.6.3)
  oj (~> 2.0.0)
  omniauth-cas (= 1.0.1)
  omniauth-facebook (~> 1.4.1)
  omniauth-google-oauth2 (~> 0.2.0)
  omniauth-linkedin (~> 0.0.8)
  omniauth-twitter (~> 0.0.14)
  paper_trail (~> 2.7.0)
  pg (~> 0.14.1)
  quiet_assets
  railroady
  rails (~> 3.2.3)
  rails-footnotes
  rails_autolink (~> 1.0.9)
  rake
  rb-fsevent
  redis-namespace
  redis-objects (~> 0.6.1)
  resque_spec
  rest-client (~> 1.6.7)
  retryable-rb (~> 1.1.0)
  rspec-rails
  ruby-rtf
  sass-rails (~> 3.2.3)
  secure-headers
  sidekiq!
  sidekiq-failures!
  siebel_donations!
  simplecov
  sinatra
  slim
  spork-rails (~> 3.2.0)
  therubyracer
  twitter_cldr (~> 2.0.0)
  typhoeus (~> 0.6.3)
  uglifier (~> 1.3.0)
  unicorn
  versionist
  virtus (~> 0.5.4)
  webmock (~> 1.9.0)
  whenever (~> 0.8.1)
  wicked (~> 0.3.4)
  will_paginate (~> 3.0.3)
